PATH
  remote: .
  specs:
    contracts (0.5)

GEM
  remote: http://rubygems.org/
  specs:
    diff-lcs (1.2.5)
    hirb (0.7.2)
    method_profiler (2.0.1)
      hirb (>= 0.6.0)
    rspec (3.1.0)
      rspec-core (~> 3.1.0)
      rspec-expectations (~> 3.1.0)
      rspec-mocks (~> 3.1.0)
    rspec-core (3.1.7)
      rspec-support (~> 3.1.0)
    rspec-expectations (3.1.2)
      diff-lcs (>= 1.2.0, < 2.0)
      rspec-support (~> 3.1.0)
    rspec-mocks (3.1.3)
      rspec-support (~> 3.1.0)
    rspec-support (3.1.2)
    ruby-prof (0.15.2)

PLATFORMS
  ruby

DEPENDENCIES
  contracts!
  method_profiler
  rspec
  ruby-prof
